GEM
  remote: https://rubygems.org/
  specs:
    activemodel (4.1.16)
      activesupport (= 4.1.16)
      builder (~> 3.1)
    activesupport (4.1.16)
      i18n (~> 0.6, >= 0.6.9)
      json (~> 1.7, >= 1.7.7)
      minitest (~> 5.1)
      thread_safe (~> 0.1)
      tzinfo (~> 1.1)
    builder (3.2.4)
    celluloid (0.16.0)
      timers (~> 4.0.0)
    concurrent-ruby (1.1.10)
    em-websocket (0.5.3)
      eventmachine (>= 0.12.9)
      http_parser.rb (~> 0)
    eventmachine (1.0.9.1)
    ffi (1.15.5)
    gina-conveyor (1.0.1)
      activemodel (~> 4.1.0)
      activesupport (~> 4.1.0)
      em-websocket (~> 0.5.1)
      eventmachine (~> 1.0.0)
      listen (~> 2.10)
      mixlib-shellout (~> 2.2.1)
      rainbow (~> 2.0.0)
      rb-readline (~> 0.5.0)
    hitimes (2.0.0)
    http_parser.rb (0.8.0)
    httparty (0.20.0)
      mime-types (~> 3.0)
      multi_xml (>= 0.5.2)
    i18n (0.9.5)
      concurrent-ruby (~> 1.0)
    json (1.8.6)
    listen (2.10.1)
      celluloid (~> 0.16.0)
      rb-fsevent (>= 0.9.3)
      rb-inotify (>= 0.9)
    mime-types (3.4.1)
      mime-types-data (~> 3.2015)
    mime-types-data (3.2022.0105)
    minitest (5.15.0)
    mixlib-shellout (2.2.7)
    multi_xml (0.6.0)
    rainbow (2.0.0)
    rb-fsevent (0.11.2)
    rb-inotify (0.10.1)
      ffi (~> 1.0)
    rb-readline (0.5.5)
    thread_safe (0.3.6)
    timers (4.0.4)
      hitimes
    tzinfo (1.2.10)
      thread_safe (~> 0.1)

PLATFORMS
  x86_64-linux

DEPENDENCIES
  gina-conveyor
  httparty

BUNDLED WITH
   2.3.26
