GEM
  remote: http://rubygems.org/
  specs:
    httparty (0.21.0)
      mini_mime (>= 1.0.0)
      multi_xml (>= 0.5.2)
    mini_mime (1.1.2)
    multi_xml (0.6.0)
    rb-readline (0.5.5)

PLATFORMS
  ruby

DEPENDENCIES
  httparty
  rb-readline

BUNDLED WITH
   1.13.7
