GEM
  remote: https://rubygems.org/
  specs:
    httparty (0.13.3)
      json (~> 1.8)
      multi_xml (>= 0.5.2)
    json (1.8.2)
    multi_xml (0.5.5)
    rb-readline (0.5.5)

PLATFORMS
  ruby

DEPENDENCIES
  httparty
  rb-readline

BUNDLED WITH
   1.13.7
